PATH
  remote: .
  specs:
    rafalkesik_palindrome (0.2.0)

GEM
  remote: https://rubygems.org/
  specs:
    ansi (1.5.0)
    builder (3.3.0)
    minitest (5.25.0)
    minitest-reporters (1.7.1)
      ansi
      builder
      minitest (>= 5.0)
      ruby-progressbar
    rake (13.2.1)
    ruby-progressbar (1.13.0)

PLATFORMS
  ruby
  x86_64-darwin-20

DEPENDENCIES
  minitest (~> 5.0)
  minitest-reporters (~> 1.7.1)
  rafalkesik_palindrome!
  rake (~> 13.0)

BUNDLED WITH
   2.5.16
